PATH
  remote: .
  specs:
    quintus_palindrome (0.1.0)

GEM
  remote: https://rubygems.org/
  specs:
    ansi (1.5.0)
    builder (3.2.4)
    minitest (5.16.3)
    minitest-reporters (1.2.0)
      ansi
      builder
      minitest (>= 5.0)
      ruby-progressbar
    rake (13.0.6)
    ruby-progressbar (1.11.0)

PLATFORMS
  arm64-darwin-21

DEPENDENCIES
  minitest (~> 5.0)
  minitest-reporters (= 1.2.0)
  quintus_palindrome!
  rake (~> 13.0)

BUNDLED WITH
   2.3.25
